GEM
  remote: https://rubygems.org/
  specs:
    chunky_png (1.2.8)
    compass (0.12.2)
      chunky_png (~> 1.2)
      fssm (>= 0.2.7)
      sass (~> 3.1)
    fancy-buttons (1.2.0)
      compass (>= 0.11)
    fssm (0.2.10)
    sass (3.2.8)

PLATFORMS
  ruby

DEPENDENCIES
  compass
  fancy-buttons
